GEM
  remote: https://rubygems.org/
  specs:
    rugged (0.23.3)
    thor (0.19.1)

PLATFORMS
  ruby

DEPENDENCIES
  rugged
  thor
